GEM
  remote: https://rubygems.org/
  specs:
    backports (3.6.8)
    bcrypt (3.1.11-x64-mingw32)
    erubis (2.7.0)
    minitest (5.4.3)
    multi_json (1.12.1)
    rack (1.6.4)
    rack-protection (1.5.3)
      rack
    rack-test (0.6.3)
      rack (>= 1.0)
    redcarpet (3.3.4)
    sinatra (1.4.7)
      rack (~> 1.5)
      rack-protection (~> 1.4)
      tilt (>= 1.3, < 3)
    sinatra-contrib (1.4.7)
      backports (>= 2.0)
      multi_json
      rack-protection
      rack-test
      sinatra (~> 1.4.0)
      tilt (>= 1.3, < 3)
    tilt (2.0.4)

PLATFORMS
  x64-mingw32

DEPENDENCIES
  bcrypt
  erubis
  minitest
  redcarpet
  sinatra (~> 1.4.6)
  sinatra-contrib

BUNDLED WITH
   1.12.2
